GIT
  remote: https://github.com/shardlab/discordrb
  revision: ad5dd1641f3653ca4e76d44f901adb42018e354e
  specs:
    discordrb (3.4.2)
      discordrb-webhooks (~> 3.4.2)
      ffi (>= 1.9.24)
      opus-ruby
      rest-client (>= 2.0.0)
      websocket-client-simple (>= 0.3.0)
    discordrb-webhooks (3.4.2)
      rest-client (>= 2.0.0)

GEM
  remote: https://rubygems.org/
  specs:
    activesupport (7.0.4)
      concurrent-ruby (~> 1.0, >= 1.0.2)
      i18n (>= 1.6, < 2)
      minitest (>= 5.1)
      tzinfo (~> 2.0)
    addressable (2.8.1)
      public_suffix (>= 2.0.2, < 6.0)
    aws-eventstream (1.2.0)
    aws-partitions (1.692.0)
    aws-sdk-core (3.168.4)
      aws-eventstream (~> 1, >= 1.0.2)
      aws-partitions (~> 1, >= 1.651.0)
      aws-sigv4 (~> 1.5)
      jmespath (~> 1, >= 1.6.1)
    aws-sdk-polly (1.62.0)
      aws-sdk-core (~> 3, >= 3.165.0)
      aws-sigv4 (~> 1.1)
    aws-sigv4 (1.5.2)
      aws-eventstream (~> 1, >= 1.0.2)
    clockwork (3.0.1)
      activesupport
      tzinfo
    concurrent-ruby (1.1.10)
    config (4.1.0)
      deep_merge (~> 1.2, >= 1.2.1)
      dry-validation (~> 1.0, >= 1.0.0)
    connection_pool (2.3.0)
    deep_merge (1.2.2)
    diff-lcs (1.5.0)
    domain_name (0.5.20190701)
      unf (>= 0.0.5, < 1.0.0)
    dry-configurable (1.0.1)
      dry-core (~> 1.0, < 2)
      zeitwerk (~> 2.6)
    dry-core (1.0.0)
      concurrent-ruby (~> 1.0)
      zeitwerk (~> 2.6)
    dry-inflector (1.0.0)
    dry-initializer (3.1.1)
    dry-logic (1.5.0)
      concurrent-ruby (~> 1.0)
      dry-core (~> 1.0, < 2)
      zeitwerk (~> 2.6)
    dry-schema (1.13.0)
      concurrent-ruby (~> 1.0)
      dry-configurable (~> 1.0, >= 1.0.1)
      dry-core (~> 1.0, < 2)
      dry-initializer (~> 3.0)
      dry-logic (>= 1.5, < 2)
      dry-types (>= 1.7, < 2)
      zeitwerk (~> 2.6)
    dry-types (1.7.0)
      concurrent-ruby (~> 1.0)
      dry-core (~> 1.0, < 2)
      dry-inflector (~> 1.0, < 2)
      dry-logic (>= 1.4, < 2)
      zeitwerk (~> 2.6)
    dry-validation (1.10.0)
      concurrent-ruby (~> 1.0)
      dry-core (~> 1.0, < 2)
      dry-initializer (~> 3.0)
      dry-schema (>= 1.12, < 2)
      zeitwerk (~> 2.6)
    event_emitter (0.2.6)
    faraday (2.7.2)
      faraday-net_http (>= 2.0, < 3.1)
      ruby2_keywords (>= 0.0.4)
    faraday-net_http (3.0.2)
    ffi (1.15.5)
    fuzzy_match (2.1.0)
    games_dice (0.4.0)
      parslet (>= 1.5.0)
    google-protobuf (3.21.12)
    googleapis-common-protos-types (1.5.0)
      google-protobuf (~> 3.14)
    grpc (1.50.0)
      google-protobuf (~> 3.21)
      googleapis-common-protos-types (~> 1.0)
    http-accept (1.7.0)
    http-cookie (1.0.5)
      domain_name (~> 0.5)
    httparty (0.21.0)
      mini_mime (>= 1.0.0)
      multi_xml (>= 0.5.2)
    i18n (1.12.0)
      concurrent-ruby (~> 1.0)
    jmespath (1.6.2)
    jwt (2.6.0)
    mime-types (3.4.1)
      mime-types-data (~> 3.2015)
    mime-types-data (3.2022.0105)
    mini_mime (1.1.2)
    minitest (5.17.0)
    multi_xml (0.6.0)
    mustermann (3.0.0)
      ruby2_keywords (~> 0.0.1)
    netrc (0.11.0)
    nokogiri (1.14.0-arm64-darwin)
      racc (~> 1.4)
    nokogiri (1.14.0-x86_64-linux)
      racc (~> 1.4)
    open3 (0.1.2)
    opus-ruby (1.0.1)
      ffi
    parslet (2.0.0)
    public_suffix (5.0.1)
    racc (1.6.2)
    rack (2.2.5)
    rack-protection (3.0.5)
      rack
    redis (5.0.5)
      redis-client (>= 0.9.0)
    redis-client (0.12.0)
      connection_pool
    rest-client (2.1.0)
      http-accept (>= 1.7.0, < 2.0)
      http-cookie (>= 1.0.2, < 2.0)
      mime-types (>= 1.16, < 4.0)
      netrc (~> 0.8)
    rspec (3.12.0)
      rspec-core (~> 3.12.0)
      rspec-expectations (~> 3.12.0)
      rspec-mocks (~> 3.12.0)
    rspec-core (3.12.0)
      rspec-support (~> 3.12.0)
    rspec-expectations (3.12.2)
      diff-lcs (>= 1.2.0, < 2.0)
      rspec-support (~> 3.12.0)
    rspec-mocks (3.12.2)
      diff-lcs (>= 1.2.0, < 2.0)
      rspec-support (~> 3.12.0)
    rspec-support (3.12.0)
    ruby-mysql (4.0.0)
    ruby-openai (3.0.3)
      httparty (>= 0.18.1, < 0.22.0)
    ruby2_keywords (0.0.5)
    sequel (5.64.0)
    sinatra (3.0.5)
      mustermann (~> 3.0)
      rack (~> 2.2, >= 2.2.4)
      rack-protection (= 3.0.5)
      tilt (~> 2.0)
    sqlite3 (1.6.0-arm64-darwin)
    sqlite3 (1.6.0-x86_64-linux)
    systemcall (1.0.3)
    tilt (2.0.11)
    twilio-ruby (5.74.1)
      faraday (>= 0.9, < 3.0)
      jwt (>= 1.5, <= 2.6)
      nokogiri (>= 1.6, < 2.0)
    tzinfo (2.0.5)
      concurrent-ruby (~> 1.0)
    unf (0.1.4)
      unf_ext
    unf_ext (0.0.8.2)
    webrick (1.7.0)
    websocket (1.2.9)
    websocket-client-simple (0.6.0)
      event_emitter
      websocket
    wikipedia-client (1.16.0)
      addressable (~> 2.7)
    zeitwerk (2.6.6)

PLATFORMS
  arm64-darwin-22
  x86_64-linux

DEPENDENCIES
  activesupport
  aws-sdk-polly
  clockwork
  config (>= 3.1.0)
  discordrb!
  fuzzy_match
  games_dice
  google-protobuf
  grpc
  httparty
  nokogiri
  open3
  redis
  rspec
  ruby-mysql
  ruby-openai
  sequel
  sinatra
  sqlite3
  systemcall
  twilio-ruby
  webrick
  wikipedia-client

RUBY VERSION
   ruby 3.2.0p0

BUNDLED WITH
   2.4.3
